GEM
  remote: https://rubygems.org/
  specs:
    aws-sdk (2.11.217)
      aws-sdk-resources (= 2.11.217)
    aws-sdk-core (2.11.217)
      aws-sigv4 (~> 1.0)
      jmespath (~> 1.0)
    aws-sdk-resources (2.11.217)
      aws-sdk-core (= 2.11.217)
    aws-sigv4 (1.0.3)
    deb-s3 (0.10.0)
      aws-sdk (~> 2)
      thor (~> 0.19.0)
    hpricot (0.8.6)
    jmespath (1.4.0)
    mustache (1.1.0)
    rdiscount (2.2.0.1)
    ronn (0.7.3)
      hpricot (>= 0.8.2)
      mustache (>= 0.7.0)
      rdiscount (>= 1.5.8)
    thor (0.19.4)

PLATFORMS
  ruby

DEPENDENCIES
  deb-s3
  ronn

